GEM
  remote: http://rubygems.org/
  specs:
    net-scp (1.0.4)
      net-ssh (>= 1.99.1)
    net-ssh (2.1.4)
    thor (0.14.6)

PLATFORMS
  ruby

DEPENDENCIES
  net-scp
  net-ssh
  thor
